GEM
  remote: https://rubygems.org/
  specs:
    coderay (1.1.2)
    method_source (0.9.0)
    pry (0.11.3)
      coderay (~> 1.1.0)
      method_source (~> 0.9.0)
    ruby2ruby (2.4.0)
      ruby_parser (~> 3.1)
      sexp_processor (~> 4.6)
    ruby_parser (3.10.1)
      sexp_processor (~> 4.9)
    sexp_processor (4.10.0)

PLATFORMS
  ruby

DEPENDENCIES
  pry
  ruby2ruby
  ruby_parser

BUNDLED WITH
   1.16.0
