GEM
  remote: https://rubygems.org/
  specs:
    ruby2ruby (2.4.0)
      ruby_parser (~> 3.1)
      sexp_processor (~> 4.6)
    ruby_parser (3.10.1)
      sexp_processor (~> 4.9)
    sexp_processor (4.10.0)

PLATFORMS
  ruby

DEPENDENCIES
  ruby2ruby
  ruby_parser

BUNDLED WITH
   1.16.0
